GEM
  remote: https://rubygems.org/
  specs:
    docile (1.3.1)
    fast_stack (0.2.0)
    flamegraph (0.9.5)
    json (2.2.0)
    minitest (5.11.3)
    simplecov (0.16.1)
      docile (~> 1.1)
      json (>= 1.8, < 3)
      simplecov-html (~> 0.10.0)
    simplecov-html (0.10.2)

PLATFORMS
  x64-mingw32

DEPENDENCIES
  fast_stack
  flamegraph
  minitest
  simplecov

BUNDLED WITH
   2.0.1
